GEM
  remote: http://rubygems.org/
  specs:
    activesupport (3.2.1)
      i18n (~> 0.6)
      multi_json (~> 1.0)
    adhearsion (1.2.4)
      activesupport (>= 2.1.0)
      bundler (>= 1.0.10)
      i18n
      json
      log4r (>= 1.0.5)
      pry
      rake
      thor
    coderay (1.0.5)
    i18n (0.6.0)
    json (1.6.5)
    log4r (1.1.10)
    method_source (0.7.0)
    multi_json (1.0.4)
    pry (0.9.8.1)
      coderay (~> 1.0.5)
      method_source (~> 0.7)
      slop (>= 2.4.3, < 3)
    rake (0.9.2.2)
    slop (2.4.3)
    thor (0.14.6)

PLATFORMS
  ruby

DEPENDENCIES
  adhearsion (>= 1.2.1)
